GEM
  remote: https://rubygems.org/
  specs:
    akami (1.3.1)
      gyoku (>= 0.4.0)
      nokogiri
    aws-sdk (2.0.0.pre)
      aws-sdk-resources (= 2.0.0.pre)
    aws-sdk-core (2.0.0)
      builder (~> 3.0)
      jamespath (>= 0.5.1)
      multi_json (~> 1.0)
      multi_xml (~> 0.5)
    aws-sdk-resources (2.0.0.pre)
      aws-sdk-core (= 2.0.0)
    backports (3.6.6)
    builder (3.2.2)
    coderay (1.1.0)
    docker-api (1.22.3)
      excon (>= 0.38.0)
      json
    domain_name (0.5.24)
      unf (>= 0.0.5, < 1.0.0)
    eventmachine (1.0.8)
    excon (0.45.4)
    faraday (0.9.1)
      multipart-post (>= 1.2, < 3)
    faraday_middleware (0.10.0)
      faraday (>= 0.7.4, < 0.10)
    faye-websocket (0.9.2)
      eventmachine (>= 0.12.0)
      websocket-driver (>= 0.5.1)
    gyoku (1.3.1)
      builder (>= 2.1.2)
    hashie (3.4.2)
    highline (1.7.3)
    http-cookie (1.0.2)
      domain_name (~> 0.5)
    httpi (2.4.1)
      rack
    interception (0.5)
    jamespath (0.5.1)
    json (1.8.3)
    method_source (0.8.2)
    mime-types (2.6.1)
    mini_portile (0.6.2)
    multi_json (1.11.2)
    multi_xml (0.5.5)
    multipart-post (2.0.0)
    net-ldap (0.11)
    netrc (0.10.3)
    nokogiri (1.6.6.2)
      mini_portile (~> 0.6.0)
    nori (2.6.0)
    pry (0.10.1)
      coderay (~> 1.1.0)
      method_source (~> 0.8.1)
      slop (~> 3.4)
    pry-remote-em (0.7.5)
      eventmachine
      highline
      pry (~> 0.9)
    pry-rescue (1.4.2)
      interception (>= 0.5)
      pry
    r509 (0.10.0)
    rack (1.6.4)
    rack-protection (1.5.3)
      rack
    rack-test (0.6.3)
      rack (>= 1.0)
    rbvmomi (1.8.2)
      builder
      nokogiri (>= 1.4.1)
      trollop
    redis (3.2.1)
    rest-client (1.8.0)
      http-cookie (>= 1.0.2, < 2.0)
      mime-types (>= 1.16, < 3.0)
      netrc (~> 0.7)
    ruby-progressbar (1.7.5)
    savon (2.11.1)
      akami (~> 1.2)
      builder (>= 2.1.2)
      gyoku (~> 1.2)
      httpi (~> 2.3)
      nokogiri (>= 1.4.0)
      nori (~> 2.4)
      wasabi (~> 3.4)
    sinatra (1.4.6)
      rack (~> 1.4)
      rack-protection (~> 1.4)
      tilt (>= 1.3, < 3)
    sinatra-contrib (1.4.6)
      backports (>= 2.0)
      multi_json
      rack-protection
      rack-test
      sinatra (~> 1.4.0)
      tilt (>= 1.3, < 3)
    slack-api (1.1.6)
      faraday (>= 0.7, < 0.10)
      faraday_middleware (~> 0.8)
      faye-websocket (~> 0.9.2)
      multi_json (~> 1.0, >= 1.0.3)
    slop (3.6.0)
    tilt (2.0.1)
    trollop (2.1.2)
    unf (0.1.4)
      unf_ext
    unf_ext (0.0.7.1)
    wasabi (3.5.0)
      httpi (~> 2.0)
      nokogiri (>= 1.4.2)
    websocket-driver (0.6.2)
      websocket-extensions (>= 0.1.0)
    websocket-extensions (0.1.2)
    zipruby (0.3.6)

PLATFORMS
  ruby

DEPENDENCIES
  aws-sdk (= 2.0.0.pre)
  docker-api
  hashie
  net-ldap
  pry
  pry-remote-em
  pry-rescue
  r509
  rbvmomi
  redis
  rest-client
  ruby-progressbar
  savon (< 3.0.0)
  sinatra
  sinatra-contrib
  slack-api
  zipruby

BUNDLED WITH
   1.10.5
